GIT
  remote: https://github.com/sinatra/sinatra.git
  revision: a5da6fa82c46436f59ae482d07c1752ab908c852
  ref: a5da6fa82c46436f59ae482d07c1752ab908c852
  specs:
    sinatra (2.0.0.pre.alpha)
      mustermann (~> 0.4)
      rack (~> 2.0)
      rack-protection (~> 1.5)
      tilt (~> 2.0)

GEM
  remote: https://rubygems.org/
  specs:
    actioncable (5.0.0)
      actionpack (= 5.0.0)
      nio4r (~> 1.2)
      websocket-driver (~> 0.6.1)
    actionmailer (5.0.0)
      actionpack (= 5.0.0)
      actionview (= 5.0.0)
      activejob (= 5.0.0)
      mail (~> 2.5, >= 2.5.4)
      rails-dom-testing (~> 2.0)
    actionpack (5.0.0)
      actionview (= 5.0.0)
      activesupport (= 5.0.0)
      rack (~> 2.0)
      rack-test (~> 0.6.3)
      rails-dom-testing (~> 2.0)
      rails-html-sanitizer (~> 1.0, >= 1.0.2)
    actionview (5.0.0)
      activesupport (= 5.0.0)
      builder (~> 3.1)
      erubis (~> 2.7.0)
      rails-dom-testing (~> 2.0)
      rails-html-sanitizer (~> 1.0, >= 1.0.2)
    activejob (5.0.0)
      activesupport (= 5.0.0)
      globalid (>= 0.3.6)
    activemodel (5.0.0)
      activesupport (= 5.0.0)
    activerecord (5.0.0)
      activemodel (= 5.0.0)
      activesupport (= 5.0.0)
      arel (~> 7.0)
    activesupport (5.0.0)
      concurrent-ruby (~> 1.0, >= 1.0.2)
      i18n (~> 0.7)
      minitest (~> 5.1)
      tzinfo (~> 1.1)
    addressable (2.4.0)
    arel (7.1.1)
    ast (2.2.0)
    binding_of_caller (0.7.2)
      debug_inspector (>= 0.0.1)
    builder (3.2.2)
    byebug (8.2.2)
    capybara (2.6.2)
      addressable
      mime-types (>= 1.16)
      nokogiri (>= 1.3.3)
      rack (>= 1.0.0)
      rack-test (>= 0.5.4)
      xpath (~> 2.0)
    capybara-puma (1.0.1)
      capybara
      puma
    childprocess (0.5.9)
      ffi (~> 1.0, >= 1.0.11)
    concurrent-ruby (1.0.2)
    connection_pool (2.2.0)
    crack (0.4.3)
      safe_yaml (~> 1.0.0)
    debug_inspector (0.0.2)
    diff-lcs (1.2.5)
    domain_name (0.5.20160615)
      unf (>= 0.0.5, < 1.0.0)
    dotenv (2.1.0)
    dotenv-rails (2.1.0)
      dotenv (= 2.1.0)
      railties (>= 4.0, < 5.1)
    email_validator (1.6.0)
      activemodel
    erubis (2.7.0)
    execjs (2.6.0)
    faraday (0.9.2)
      multipart-post (>= 1.2, < 3)
    ffi (1.9.14)
    globalid (0.3.7)
      activesupport (>= 4.1.0)
    govuk-lint (1.0.0)
      rubocop (~> 0.39.0)
      scss_lint (~> 0.44.0)
    govuk_elements_rails (1.2.1)
      govuk_frontend_toolkit (>= 4.12.0)
      rails (>= 4.1.0)
      sass (>= 3.2.0)
    govuk_frontend_toolkit (4.14.0)
      rails (>= 3.1.0)
      sass (>= 3.2.0)
    govuk_template (0.18.0)
      rails (>= 3.1)
    hashdiff (0.3.0)
    hashie (3.4.4)
    headless (2.2.2)
    http (2.0.2)
      addressable (~> 2.3)
      http-cookie (~> 1.0)
      http-form_data (~> 1.0.1)
      http_parser.rb (~> 0.6.0)
    http-cookie (1.0.2)
      domain_name (~> 0.5)
    http-form_data (1.0.1)
    http_parser.rb (0.6.0)
    i18n (0.7.0)
    inflection (1.0.0)
    jasmine-core (2.4.1)
    jasmine-rails (0.12.6)
      jasmine-core (>= 1.3, < 3.0)
      phantomjs (>= 1.9)
      railties (>= 3.2.0)
      sprockets-rails
    jbuilder (2.4.1)
      activesupport (>= 3.0.0, < 5.1)
      multi_json (~> 1.2)
    jquery-rails (4.1.1)
      rails-dom-testing (>= 1, < 3)
      railties (>= 4.2.0)
      thor (>= 0.14, < 2.0)
    json (1.8.3)
    libv8 (3.16.14.13)
    logstash-event (1.2.02)
    logstash-logger (0.15.2)
      logstash-event (~> 1.2)
      stud
    loofah (2.0.3)
      nokogiri (>= 1.5.9)
    mail (2.6.4)
      mime-types (>= 1.16, < 4)
    method_source (0.8.2)
    mime-types (3.1)
      mime-types-data (~> 3.2015)
    mime-types-data (3.2016.0521)
    mini_portile2 (2.1.0)
    minitest (5.9.0)
    multi_json (1.11.2)
    multipart-post (2.0.0)
    mustermann (0.4.0)
      tool (~> 0.2)
    nio4r (1.2.1)
    nokogiri (1.6.8)
      mini_portile2 (~> 2.1.0)
      pkg-config (~> 1.1.7)
    parser (2.3.1.0)
      ast (~> 2.2)
    phantomjs (2.1.1.0)
    pkg-config (1.1.7)
    powerpack (0.1.1)
    puma (3.1.1)
    rack (2.0.1)
    rack-handlers (0.7.2)
      rack
    rack-protection (1.5.3)
      rack
    rack-test (0.6.3)
      rack (>= 1.0)
    rack_session_access (0.1.1)
      builder (>= 2.0.0)
      rack (>= 1.0.0)
    rails (5.0.0)
      actioncable (= 5.0.0)
      actionmailer (= 5.0.0)
      actionpack (= 5.0.0)
      actionview (= 5.0.0)
      activejob (= 5.0.0)
      activemodel (= 5.0.0)
      activerecord (= 5.0.0)
      activesupport (= 5.0.0)
      bundler (>= 1.3.0, < 2.0)
      railties (= 5.0.0)
      sprockets-rails (>= 2.0.0)
    rails-dom-testing (2.0.1)
      activesupport (>= 4.2.0, < 6.0)
      nokogiri (~> 1.6.0)
    rails-html-sanitizer (1.0.3)
      loofah (~> 2.0)
    rails-i18n (5.0.0)
      i18n (~> 0.7)
      railties (~> 5.0)
    railties (5.0.0)
      actionpack (= 5.0.0)
      activesupport (= 5.0.0)
      method_source
      rake (>= 0.8.7)
      thor (>= 0.18.1, < 2.0)
    rainbow (2.1.0)
    rake (10.5.0)
    rdoc (4.2.2)
      json (~> 1.4)
    ref (2.0.0)
    request_store (1.3.0)
    route_translator (5.0.1)
      actionpack (>= 5.0.0, < 5.1)
      activesupport (>= 5.0.0, < 5.1)
    rspec (3.5.0)
      rspec-core (~> 3.5.0)
      rspec-expectations (~> 3.5.0)
      rspec-mocks (~> 3.5.0)
    rspec-core (3.5.2)
      rspec-support (~> 3.5.0)
    rspec-expectations (3.5.0)
      diff-lcs (>= 1.2.0, < 2.0)
      rspec-support (~> 3.5.0)
    rspec-mocks (3.5.0)
      diff-lcs (>= 1.2.0, < 2.0)
      rspec-support (~> 3.5.0)
    rspec-rails (3.5.1)
      actionpack (>= 3.0)
      activesupport (>= 3.0)
      railties (>= 3.0)
      rspec-core (~> 3.5.0)
      rspec-expectations (~> 3.5.0)
      rspec-mocks (~> 3.5.0)
      rspec-support (~> 3.5.0)
    rspec-support (3.5.0)
    rubocop (0.39.0)
      parser (>= 2.3.0.7, < 3.0)
      powerpack (~> 0.1)
      rainbow (>= 1.99.1, < 3.0)
      ruby-progressbar (~> 1.7)
      unicode-display_width (~> 1.0, >= 1.0.1)
    ruby-progressbar (1.8.0)
    rubyzip (1.2.0)
    safe_yaml (1.0.4)
    sass (3.4.22)
    sass-rails (5.0.6)
      railties (>= 4.0.0, < 6)
      sass (~> 3.1)
      sprockets (>= 2.8, < 4.0)
      sprockets-rails (>= 2.0, < 4.0)
      tilt (>= 1.1, < 3)
    scss_lint (0.44.0)
      rake (~> 10.0)
      sass (~> 3.4.15)
    sdoc (0.4.1)
      json (~> 1.7, >= 1.7.7)
      rdoc (~> 4.0)
    selenium-webdriver (2.53.4)
      childprocess (~> 0.5)
      rubyzip (~> 1.0)
      websocket (~> 1.0)
    sentry-raven (0.15.6)
      faraday (>= 0.7.6)
    spring (1.6.3)
    sprockets (3.7.0)
      concurrent-ruby (~> 1.0)
      rack (> 1, < 3)
    sprockets-rails (3.1.1)
      actionpack (>= 4.0)
      activesupport (>= 4.0)
      sprockets (>= 3.0.0)
    statsd-ruby (1.3.0)
    stud (0.0.22)
    therubyracer (0.12.2)
      libv8 (~> 3.16.14.0)
      ref
    thor (0.19.1)
    thread_safe (0.3.5)
    tilt (2.0.5)
    tool (0.2.3)
    tzinfo (1.2.2)
      thread_safe (~> 0.1)
    uglifier (2.7.2)
      execjs (>= 0.3.0)
      json (>= 1.8.0)
    unf (0.1.4)
      unf_ext
    unf_ext (0.0.7.2)
    unicode-display_width (1.0.3)
    web-console (2.3.0)
      activemodel (>= 4.0)
      binding_of_caller (>= 0.7.2)
      railties (>= 4.0)
      sprockets-rails (>= 2.0, < 4.0)
    webmock (2.1.0)
      addressable (>= 2.3.6)
      crack (>= 0.3.2)
      hashdiff
    websocket (1.2.3)
    websocket-driver (0.6.4)
      websocket-extensions (>= 0.1.0)
    websocket-extensions (0.1.2)
    xpath (2.0.0)
      nokogiri (~> 1.3)
    zendesk_api (1.8.0)
      faraday (~> 0.9)
      hashie (>= 1.2, < 4.0, != 3.3.0)
      inflection
      mime-types
      multi_json
      multipart-post (~> 2.0)

PLATFORMS
  ruby

DEPENDENCIES
  byebug
  capybara (~> 2.6)
  capybara-puma
  connection_pool
  dotenv-rails
  email_validator
  govuk-lint
  govuk_elements_rails
  govuk_frontend_toolkit
  govuk_template
  headless
  http (~> 2.0.0)
  jasmine-rails
  jbuilder (~> 2.0)
  jquery-rails
  logstash-logger
  puma
  rack-handlers
  rack-test
  rack_session_access
  rails (= 5.0.0)
  rails-i18n (~> 5.0)
  request_store
  route_translator (~> 5.0)
  rspec (~> 3.5)
  rspec-rails (~> 3.5)
  sass-rails (~> 5.0)
  sdoc (~> 0.4.0)
  selenium-webdriver
  sentry-raven
  sinatra!
  spring
  statsd-ruby (~> 1.3.0)
  therubyracer
  uglifier (>= 1.3.0)
  web-console (~> 2.0)
  webmock
  zendesk_api

RUBY VERSION
   ruby 2.3.0p0

BUNDLED WITH
   1.12.5
